GEM
  remote: http://rubygems.org/
  specs:
    hominid (3.0.5)
    rack (1.6.4)
    rack-protection (1.5.3)
      rack
    sinatra (1.3.6)
      rack (~> 1.4)
      rack-protection (~> 1.3)
      tilt (~> 1.3, >= 1.3.3)
    tilt (1.4.1)

PLATFORMS
  ruby

DEPENDENCIES
  hominid (~> 3.0.5)
  sinatra (~> 1.3.4)

BUNDLED WITH
   1.10.6
